GEM
  remote: https://rubygems.org/
  specs:
    airrecord (1.0.5)
      faraday (>= 0.10, < 2.0)
      net-http-persistent (>= 2.9)
    connection_pool (2.2.3)
    faraday (1.0.1)
      multipart-post (>= 1.2, < 3)
    multipart-post (2.1.1)
    net-http-persistent (4.0.0)
      connection_pool (~> 2.2)
    sqlite3 (1.4.2)

PLATFORMS
  ruby

DEPENDENCIES
  airrecord!
  sqlite3!

BUNDLED WITH
   2.0.1
